GEM
  remote: https://rubygems.org/
  specs:
    coderay (1.1.0)
    docker-api (1.26.0)
      excon (>= 0.38.0)
      json
    erubis (2.7.0)
    excon (0.45.4)
    json (1.8.3)
    method_source (0.8.2)
    pry (0.10.3)
      coderay (~> 1.1.0)
      method_source (~> 0.8.1)
      slop (~> 3.4)
    slop (3.6.0)

PLATFORMS
  ruby

DEPENDENCIES
  docker-api
  erubis
  pry

BUNDLED WITH
   1.11.2
